PATH
  remote: .
  specs:
    ruby-stemmer (0.9.6)

GEM
  remote: https://rubygems.org/
  specs:
    json (1.8.2)
    json (1.8.2-java)
    minitest (5.5.1)
    rake (10.4.2)
    rake-compiler (0.9.5)
      rake
    rdoc (4.2.0)
      json (~> 1.4)

PLATFORMS
  java
  ruby

DEPENDENCIES
  minitest (~> 5.5)
  rake-compiler (~> 0.9)
  rdoc (~> 4.2)
  ruby-stemmer!
